PATH
  remote: .
  specs:
    bundle_package_check (0.2.0)

GEM
  remote: https://rubygems.org/
  specs:
    bump (0.5.1)
    diff-lcs (1.2.5)
    rake (10.4.2)
    rspec (3.1.0)
      rspec-core (~> 3.1.0)
      rspec-expectations (~> 3.1.0)
      rspec-mocks (~> 3.1.0)
    rspec-core (3.1.7)
      rspec-support (~> 3.1.0)
    rspec-expectations (3.1.2)
      diff-lcs (>= 1.2.0, < 2.0)
      rspec-support (~> 3.1.0)
    rspec-mocks (3.1.3)
      rspec-support (~> 3.1.0)
    rspec-support (3.1.2)
    single_cov (0.7.0)

PLATFORMS
  ruby

DEPENDENCIES
  bump
  bundle_package_check!
  rake
  rspec
  single_cov

BUNDLED WITH
   1.15.3
