GIT
  remote: https://github.com/grosser/parallel.git
  revision: 6e7afcf229822f0af72eb07911fcaa480ae73d55
  specs:
    parallel (1.3.3)

GIT
  remote: https://github.com/grosser/testrbl.git
  revision: 8299baac0c3803e4dd6e9c4769e25c2cbb84c597
  ref: 8299ba
  branch: master
  specs:
    testrbl (0.5.0)

GEM
  remote: https://rubygems.org/
  specs:
    pru (0.1.8)

PLATFORMS
  ruby

DEPENDENCIES
  parallel!
  pru
  testrbl!
